GIT
  remote: https://github.com/middleman/middleman-blog.git
  revision: f02c962a07a8a43f67e87ecf71e59698a8626b55
  specs:
    middleman-blog (4.0.3)
      addressable (~> 2.3)
      middleman-core (>= 4.0.0)
      tzinfo (>= 0.3.0)

GIT
  remote: https://github.com/middleman/middleman.git
  revision: 3bf4d14153d6ba1e904cfb4acc9cff25e8827eb0
  specs:
    middleman (4.6.0)
      middleman-cli (= 4.6.0)
      middleman-core (= 4.6.0)
    middleman-cli (4.6.0)
      thor (>= 0.17.0, < 2)
    middleman-core (4.6.0)
      activesupport (>= 6.1)
      addressable (~> 2.4)
      bundler (~> 2.0)
      coffee-script (~> 2.2)
      contracts
      dotenv
      erubi
      execjs (~> 2.0)
      fast_blank
      fastimage (~> 2.0)
      haml (>= 4.0.5)
      hamster (~> 3.0)
      hashie (>= 3.4, < 6.0)
      i18n (>= 1.6, < 1.15)
      kramdown (~> 2.4)
      listen (~> 3.0)
      memoist (~> 0.14)
      padrino-helpers (~> 0.15.0)
      parallel
      rack (>= 3)
      rackup
      sassc (~> 2.0)
      servolux
      tilt (~> 2.2)
      toml
      uglifier (>= 3, < 5)
      webrick

GIT
  remote: https://github.com/tnir/middleman-search.git
  revision: 45af9e686469142fb003f58d6cd0ae0ba33cb496
  branch: edge
  specs:
    middleman-search (0.10.0)
      middleman-core (>= 3.2)
      mini_racer (~> 0.5)
      nokogiri (~> 1.6)

GEM
  remote: https://rubygems.org/
  specs:
    activesupport (8.0.2)
      base64
      benchmark (>= 0.3)
      bigdecimal
      concurrent-ruby (~> 1.0, >= 1.3.1)
      connection_pool (>= 2.2.5)
      drb
      i18n (>= 1.6, < 2)
      logger (>= 1.4.2)
      minitest (>= 5.1)
      securerandom (>= 0.3)
      tzinfo (~> 2.0, >= 2.0.5)
      uri (>= 0.13.1)
    addressable (2.8.7)
      public_suffix (>= 2.0.2, < 7.0)
    ast (2.4.3)
    base64 (0.2.0)
    benchmark (0.4.0)
    bigdecimal (3.1.9)
    builder (3.3.0)
    byebug (11.1.3)
    coderay (1.1.3)
    coffee-script (2.4.1)
      coffee-script-source
      execjs
    coffee-script-source (1.12.2)
    concurrent-ruby (1.3.5)
    connection_pool (2.5.0)
    contracts (0.17.2)
    date (3.4.1)
    dotenv (3.1.7)
    drb (2.2.1)
    erubi (1.13.1)
    execjs (2.10.0)
    faraday (2.12.2)
      faraday-net_http (>= 2.0, < 3.5)
      json
      logger
    faraday-net_http (3.4.0)
      net-http (>= 0.5.0)
    faraday-retry (2.3.0)
      faraday (~> 2.0)
    fast_blank (1.0.1)
    fastimage (2.4.0)
    ffi (1.17.1)
    ffi (1.17.1-arm64-darwin)
    ffi (1.17.1-x86_64-linux-gnu)
    haml (6.3.0)
      temple (>= 0.8.2)
      thor
      tilt
    haml_lint (0.61.1)
      haml (>= 5.0)
      parallel (~> 1.10)
      rainbow
      rubocop (>= 1.0)
      sysexits (~> 1.1)
    hamster (3.0.0)
      concurrent-ruby (~> 1.0)
    hashie (5.0.0)
    i18n (1.14.7)
      concurrent-ruby (~> 1.0)
    io-console (0.8.0)
    irb (1.15.1)
      pp (>= 0.6.0)
      rdoc (>= 4.0.0)
      reline (>= 0.4.2)
    json (2.10.2)
    kramdown (2.5.1)
      rexml (>= 3.3.9)
    kramdown-parser-gfm (1.1.0)
      kramdown (~> 2.0)
    language_server-protocol (3.17.0.4)
    libv8-node (18.19.0.0)
    libv8-node (18.19.0.0-arm64-darwin)
    libv8-node (18.19.0.0-x86_64-linux)
    lint_roller (1.1.0)
    listen (3.9.0)
      rb-fsevent (~> 0.10, >= 0.10.3)
      rb-inotify (~> 0.9, >= 0.9.10)
    logger (1.7.0)
    memoist (0.16.2)
    method_source (1.1.0)
    middleman-syntax (3.4.0)
      middleman-core (>= 3.2)
      rouge (~> 3.2)
    mini_portile2 (2.8.8)
    mini_racer (0.16.0)
      libv8-node (~> 18.19.0.0)
    minitest (5.25.5)
    mustache (1.1.1)
    net-http (0.6.0)
      uri
    nokogiri (1.18.6)
      mini_portile2 (~> 2.8.2)
      racc (~> 1.4)
    nokogiri (1.18.6-arm64-darwin)
      racc (~> 1.4)
    nokogiri (1.18.6-x86_64-linux-gnu)
      racc (~> 1.4)
    nronn (0.11.1)
      kramdown (~> 2.1)
      kramdown-parser-gfm (>= 1.0.1, < 1.2)
      mustache (~> 1.0)
      nokogiri (~> 1.10, >= 1.10.10)
    octokit (9.2.0)
      faraday (>= 1, < 3)
      sawyer (~> 0.9)
    padrino-helpers (0.15.3)
      i18n (>= 0.6.7, < 2)
      padrino-support (= 0.15.3)
      tilt (>= 1.4.1, < 3)
    padrino-support (0.15.3)
    parallel (1.26.3)
    parser (3.3.7.4)
      ast (~> 2.4.1)
      racc
    parslet (2.0.0)
    pp (0.6.2)
      prettyprint
    prettyprint (0.2.0)
    prism (1.4.0)
    pry (0.14.2)
      coderay (~> 1.1)
      method_source (~> 1.0)
    pry-byebug (3.10.1)
      byebug (~> 11.0)
      pry (>= 0.13, < 0.15)
    psych (5.2.3)
      date
      stringio
    public_suffix (6.0.1)
    racc (1.8.1)
    rack (3.1.12)
    rackup (2.2.1)
      rack (>= 3)
    rainbow (3.1.1)
    rake (13.2.1)
    rb-fsevent (0.11.2)
    rb-inotify (0.11.1)
      ffi (~> 1.0)
    rdoc (6.11.0)
      psych (>= 4.0.0)
    regexp_parser (2.10.0)
    reline (0.6.0)
      io-console (~> 0.5)
    rexml (3.4.1)
    rouge (3.30.0)
    rubocop (1.75.1)
      json (~> 2.3)
      language_server-protocol (~> 3.17.0.2)
      lint_roller (~> 1.1.0)
      parallel (~> 1.10)
      parser (>= 3.3.0.2)
      rainbow (>= 2.2.2, < 4.0)
      regexp_parser (>= 2.9.3, < 3.0)
      rubocop-ast (>= 1.43.0, < 2.0)
      ruby-progressbar (~> 1.7)
      unicode-display_width (>= 2.4.0, < 4.0)
    rubocop-ast (1.43.0)
      parser (>= 3.3.7.2)
      prism (~> 1.4)
    rubocop-rake (0.7.1)
      lint_roller (~> 1.1)
      rubocop (>= 1.72.1)
    ruby-progressbar (1.13.0)
    sassc (2.4.0)
      ffi (~> 1.9)
    sawyer (0.9.2)
      addressable (>= 2.3.5)
      faraday (>= 0.17.3, < 3)
    securerandom (0.4.1)
    servolux (0.13.0)
    stringio (3.1.2)
    sysexits (1.2.0)
    temple (0.10.3)
    thor (1.3.2)
    tilt (2.6.0)
    toml (0.3.0)
      parslet (>= 1.8.0, < 3.0.0)
    tzinfo (2.0.6)
      concurrent-ruby (~> 1.0)
    uglifier (4.2.1)
      execjs (>= 0.3.0, < 3)
    unicode-display_width (3.1.4)
      unicode-emoji (~> 4.0, >= 4.0.4)
    unicode-emoji (4.0.4)
    uri (1.0.3)
    webrick (1.9.1)

PLATFORMS
  arm64-darwin
  ruby
  x86_64-linux

DEPENDENCIES
  builder
  faraday-retry (~> 2.3)
  haml (~> 6.3)
  haml_lint (~> 0.61)
  irb
  kramdown-parser-gfm
  middleman!
  middleman-blog!
  middleman-search!
  middleman-syntax
  nokogiri (~> 1.18)
  nronn
  octokit (~> 9.2)
  pry-byebug
  rake
  rubocop
  rubocop-rake

RUBY VERSION
   ruby 3.4.1p0

BUNDLED WITH
   2.6.2
